GEM
  remote: https://rubygems.org/
  specs:
    diff-lcs (1.3)
    lazy_priority_queue (0.1.1)
    rgl (0.5.6)
      lazy_priority_queue (~> 0.1.0)
      stream (~> 0.5.2)
    rspec (3.9.0)
      rspec-core (~> 3.9.0)
      rspec-expectations (~> 3.9.0)
      rspec-mocks (~> 3.9.0)
    rspec-core (3.9.1)
      rspec-support (~> 3.9.1)
    rspec-expectations (3.9.0)
      diff-lcs (>= 1.2.0, < 2.0)
      rspec-support (~> 3.9.0)
    rspec-mocks (3.9.1)
      diff-lcs (>= 1.2.0, < 2.0)
      rspec-support (~> 3.9.0)
    rspec-support (3.9.2)
    stream (0.5.2)

PLATFORMS
  ruby

DEPENDENCIES
  rgl
  rspec

RUBY VERSION
   ruby 2.6.3p62

BUNDLED WITH
   1.17.2
